GEM
  remote: https://rubygems.org/
  specs:
    haml (4.0.2)
      tilt
    rack (1.5.2)
    rack-protection (1.5.0)
      rack
    simpleidn (0.0.4)
    sinatra (1.4.2)
      rack (~> 1.5, >= 1.5.2)
      rack-protection (~> 1.4)
      tilt (~> 1.3, >= 1.3.4)
    tilt (1.3.6)
    whois (3.1.1)

PLATFORMS
  ruby

DEPENDENCIES
  haml (~> 4.0.1)
  simpleidn (~> 0.0.4)
  sinatra (~> 1.4.2)
  whois (~> 3.1.1)
