GEM
  remote: https://rubygems.org/
  specs:
    daemons (1.1.9)
    eventmachine (1.0.3)
    haml (4.0.3)
      tilt
    rack (1.5.2)
    rack-protection (1.5.0)
      rack
    simpleidn (0.0.4)
    sinatra (1.4.3)
      rack (~> 1.4)
      rack-protection (~> 1.4)
      tilt (~> 1.3, >= 1.3.4)
    thin (1.5.1)
      daemons (>= 1.0.9)
      eventmachine (>= 0.12.6)
      rack (>= 1.0.0)
    tilt (1.4.1)
    whois (3.2.1)

PLATFORMS
  ruby

DEPENDENCIES
  haml
  simpleidn
  sinatra
  thin
  whois
